GEM
  remote: https://rubygems.org/
  specs:
    parallel (1.9.0)
    ruby-progressbar (1.8.1)

PLATFORMS
  ruby

DEPENDENCIES
  parallel
  ruby-progressbar

BUNDLED WITH
   1.13.1
