GEM
  remote: https://rubygems.org/
  specs:
    ruby-progressbar (1.8.1)

PLATFORMS
  ruby

DEPENDENCIES
  ruby-progressbar

BUNDLED WITH
   1.13.1
